GIT
  remote: git://github.com/stevegraham/twilio-rb.git
  revision: 69b71bf6a1a9cfc7f8d495c8fd15c1a95163d8a2
  specs:
    twilio-rb (1.0beta)
      activesupport (>= 3.0.0)
      builder (>= 2.1.2)
      httparty (>= 0.6.1)
      yajl-ruby (>= 0.7.7)

GIT
  remote: git://github.com/thoughtbot/shoulda
  revision: 36ef11123b454a6eca60c6e5d2fc2fd98ddf72b0
  specs:
    shoulda (3.0.0.beta2)
      shoulda-context (~> 1.0.0.beta1)
      shoulda-matchers (~> 1.0.0.beta1)

GIT
  remote: git://github.com/thoughtbot/shoulda-matchers
  revision: 85d3e5ea000cf162ef672059ea5e5f77f3ca9f03
  specs:
    shoulda-matchers (1.0.0.beta3)

GEM
  remote: http://rubygems.org/
  specs:
    abstract (1.0.0)
    actionmailer (3.0.3)
      actionpack (= 3.0.3)
      mail (~> 2.2.9)
    actionpack (3.0.3)
      activemodel (= 3.0.3)
      activesupport (= 3.0.3)
      builder (~> 2.1.2)
      erubis (~> 2.6.6)
      i18n (~> 0.4)
      rack (~> 1.2.1)
      rack-mount (~> 0.6.13)
      rack-test (~> 0.5.6)
      tzinfo (~> 0.3.23)
    activemodel (3.0.3)
      activesupport (= 3.0.3)
      builder (~> 2.1.2)
      i18n (~> 0.4)
    activerecord (3.0.3)
      activemodel (= 3.0.3)
      activesupport (= 3.0.3)
      arel (~> 2.0.2)
      tzinfo (~> 0.3.23)
    activeresource (3.0.3)
      activemodel (= 3.0.3)
      activesupport (= 3.0.3)
    activesupport (3.0.3)
    airbrake (3.0.4)
      activesupport
      builder
    archive-tar-minitar (0.5.2)
    arel (2.0.6)
    aws-s3 (0.6.2)
      builder
      mime-types
      xml-simple
    bourne (1.0)
      mocha (= 0.9.8)
    builder (2.1.2)
    capybara (1.0.1)
      mime-types (>= 1.16)
      nokogiri (>= 1.3.3)
      rack (>= 1.0.0)
      rack-test (>= 0.5.4)
      selenium-webdriver (~> 2.0)
      xpath (~> 0.1.4)
    capybara-webkit (0.6.1)
      capybara (~> 1.0.0)
    childprocess (0.2.2)
      ffi (~> 1.0.6)
    clearance (0.10.0)
      rails (~> 3.0.0)
    columnize (0.3.2)
    copycopter_client (1.0.1)
      i18n (~> 0.5.0)
      json
    crack (0.1.8)
    cucumber (0.10.0)
      builder (>= 2.1.2)
      diff-lcs (~> 1.1.2)
      gherkin (~> 2.3.2)
      json (~> 1.4.6)
      term-ansicolor (~> 1.0.5)
    cucumber-rails (0.3.2)
      cucumber (>= 0.8.0)
    daemons (1.1.3)
    database_cleaner (0.6.0)
    delayed_job (2.1.4)
      activesupport (~> 3.0)
      daemons
    diff-lcs (1.1.2)
    dynamic_form (1.1.3)
    email_spec (1.1.1)
      rspec (~> 2.0)
    erubis (2.6.6)
      abstract (>= 1.0.0)
    factory_girl (1.3.2)
    factory_girl_rails (1.0)
      factory_girl (~> 1.3)
      rails (>= 3.0.0.beta4)
    fakeweb (1.3.0)
    ffi (1.0.9)
    flay (1.4.2)
      ruby_parser (~> 2.0)
      sexp_processor (~> 3.0)
    flog (2.5.1)
      ruby_parser (~> 2.0)
      sexp_processor (~> 3.0)
    flutie (1.1.4)
    formtastic (1.2.2)
      actionpack (>= 2.3.7)
      activesupport (>= 2.3.7)
      i18n (>= 0.4.0)
    gherkin (2.3.3)
      json (~> 1.4.6)
    haml (3.0.25)
    high_voltage (0.9.3)
    httparty (0.6.1)
      crack (= 0.1.8)
    i18n (0.5.0)
    json (1.4.6)
    json_pure (1.6.0)
    linecache (0.43)
    linecache19 (0.5.11)
      ruby_core_source (>= 0.1.4)
    mail (2.2.13)
      activesupport (>= 2.3.6)
      i18n (>= 0.4.0)
      mime-types (~> 1.16)
      treetop (~> 1.4.8)
    mime-types (1.16)
    mocha (0.9.8)
      rake
    nokogiri (1.4.4)
    paperclip (2.3.8)
      activerecord
      activesupport
    pg (0.10.0)
    polyglot (0.3.1)
    rack (1.2.1)
    rack-mount (0.6.13)
      rack (>= 1.0.0)
    rack-test (0.5.7)
      rack (>= 1.0)
    rails (3.0.3)
      actionmailer (= 3.0.3)
      actionpack (= 3.0.3)
      activerecord (= 3.0.3)
      activeresource (= 3.0.3)
      activesupport (= 3.0.3)
      bundler (~> 1.0)
      railties (= 3.0.3)
    railties (3.0.3)
      actionpack (= 3.0.3)
      activesupport (= 3.0.3)
      rake (>= 0.8.7)
      thor (~> 0.14.4)
    rake (0.8.7)
    rcov (0.9.9)
    reek (1.2.8)
      ruby2ruby (~> 1.2)
      ruby_parser (~> 2.0)
      sexp_processor (~> 3.0)
    rspec (2.4.0)
      rspec-core (~> 2.4.0)
      rspec-expectations (~> 2.4.0)
      rspec-mocks (~> 2.4.0)
    rspec-core (2.4.0)
    rspec-expectations (2.4.0)
      diff-lcs (~> 1.1.2)
    rspec-mocks (2.4.0)
    rspec-rails (2.4.0)
      actionpack (~> 3.0)
      activesupport (~> 3.0)
      railties (~> 3.0)
      rspec (~> 2.4.0)
    ruby-debug (0.10.4)
      columnize (>= 0.1)
      ruby-debug-base (~> 0.10.4.0)
    ruby-debug-base (0.10.4)
      linecache (>= 0.3)
    ruby-debug-base19 (0.11.24)
      columnize (>= 0.3.1)
      linecache19 (>= 0.5.11)
      ruby_core_source (>= 0.1.4)
    ruby-debug19 (0.11.6)
      columnize (>= 0.3.1)
      linecache19 (>= 0.5.11)
      ruby-debug-base19 (>= 0.11.19)
    ruby2ruby (1.2.5)
      ruby_parser (~> 2.0)
      sexp_processor (~> 3.0)
    ruby_core_source (0.1.4)
      archive-tar-minitar (>= 0.5.2)
    ruby_parser (2.0.6)
      sexp_processor (~> 3.0)
    rubyzip (0.9.4)
    sass (3.1.0.alpha.221)
    selenium-webdriver (2.6.0)
      childprocess (>= 0.2.1)
      ffi (>= 1.0.7)
      json_pure
      rubyzip
    sexp_processor (3.0.5)
    sham_rack (1.3.3)
      rack
    shoulda-context (1.0.0.beta1)
    show_me_the_cookies (0.2.0)
    sinatra (1.1.2)
      rack (~> 1.1)
      tilt (~> 1.2)
    term-ansicolor (1.0.5)
    thor (0.14.6)
    tilt (1.2.1)
    timecop (0.3.5)
    treetop (1.4.9)
      polyglot (>= 0.3.1)
    tzinfo (0.3.23)
    validation_reflection (1.0.0)
    will_paginate (2.3.15)
    xml-simple (1.0.15)
    xpath (0.1.4)
      nokogiri (~> 1.3)
    yajl-ruby (0.7.8)

PLATFORMS
  ruby

DEPENDENCIES
  airbrake
  aws-s3
  bourne
  capybara (~> 1.0.0)
  capybara-webkit (>= 0.6.1)
  clearance (~> 0.10.0)
  copycopter_client (~> 1.0.1)
  cucumber-rails
  database_cleaner
  delayed_job
  dynamic_form
  email_spec (~> 1.1)
  factory_girl_rails
  fakeweb
  flay
  flog
  flutie
  formtastic
  haml
  high_voltage
  linecache (~> 0.43)
  linecache19 (~> 0.5.11)
  nokogiri
  paperclip
  pg
  rack
  rails (~> 3.0.3)
  rcov
  reek
  rspec-rails (~> 2.4.0)
  ruby-debug (~> 0.10.4)
  ruby-debug19 (~> 0.11.6)
  sass
  sham_rack
  shoulda!
  shoulda-matchers!
  show_me_the_cookies
  sinatra (~> 1.0)
  timecop
  twilio-rb!
  validation_reflection
  will_paginate
